GEM
  remote: http://rubygems.org/
  specs:
    hiera (1.3.4)
      json_pure
    json_pure (2.2.0)

PLATFORMS
  ruby

DEPENDENCIES
  hiera
